GIT
  remote: git://github.com/emerose/pbkdf2-ruby.git
  revision: f9a337e3559de7e61792f2c761a91ea57d53e095
  specs:
    pbkdf2 (0.2.2)

GIT
  remote: git@github.com:rom-rb/rom-sql.git
  revision: 4fac4041e8e09424cae0c115764ff695b21ca95f
  branch: master
  specs:
    rom-sql (0.3.2)
      equalizer (~> 0.0, >= 0.0.9)
      rom (~> 0.5, >= 0.5.0)
      sequel (~> 4.18)

GIT
  remote: git@github.com:rom-rb/rom.git
  revision: 514dbbbbed2d9ec8ae7d2de70712fd74419162ae
  branch: master
  specs:
    rom (0.5.0)
      addressable (~> 2.3)
      charlatan (~> 0.1, >= 0.1)
      concord (~> 0.1, >= 0.1.4)
      descendants_tracker (~> 0.0, >= 0.0.4)
      equalizer (~> 0.0, >= 0.0.9)
      inflecto (~> 0.0, >= 0.0.2)
      thread_safe (~> 0.3)
      transproc (~> 0.1)

PATH
  remote: .
  specs:
    rom-auth (1.0.0)
      activesupport (~> 4.2)
      ice_nine (~> 0.11)
      rack (~> 1.6)
      virtus (~> 1.0)

GEM
  remote: https://rubygems.org/
  specs:
    activesupport (4.2.0)
      i18n (~> 0.7)
      json (~> 1.7, >= 1.7.7)
      minitest (~> 5.1)
      thread_safe (~> 0.3, >= 0.3.4)
      tzinfo (~> 1.1)
    adamantium (0.2.0)
      ice_nine (~> 0.11.0)
      memoizable (~> 0.4.0)
    addressable (2.3.6)
    axiom-types (0.1.1)
      descendants_tracker (~> 0.0.4)
      ice_nine (~> 0.11.0)
      thread_safe (~> 0.3, >= 0.3.1)
    binding_of_caller (0.7.2)
      debug_inspector (>= 0.0.1)
    charlatan (0.1.0)
    coderay (1.1.0)
    coercible (1.0.0)
      descendants_tracker (~> 0.0.1)
    concord (0.1.5)
      adamantium (~> 0.2.0)
      equalizer (~> 0.0.9)
    debug_inspector (0.0.2)
    descendants_tracker (0.0.4)
      thread_safe (~> 0.3, >= 0.3.1)
    diff-lcs (1.2.5)
    equalizer (0.0.9)
    i18n (0.7.0)
    ice_nine (0.11.1)
    inflecto (0.0.2)
    json (1.8.2)
    memoizable (0.4.2)
      thread_safe (~> 0.3, >= 0.3.1)
    method_source (0.8.2)
    minitest (5.5.1)
    minitest-stub-const (0.3)
    predicated (0.2.6)
    pry (0.10.1)
      coderay (~> 1.1.0)
      method_source (~> 0.8.1)
      slop (~> 3.4)
    rack (1.6.0)
    rspec (3.1.0)
      rspec-core (~> 3.1.0)
      rspec-expectations (~> 3.1.0)
      rspec-mocks (~> 3.1.0)
    rspec-core (3.1.7)
      rspec-support (~> 3.1.0)
    rspec-expectations (3.1.2)
      diff-lcs (>= 1.2.0, < 2.0)
      rspec-support (~> 3.1.0)
    rspec-mocks (3.1.3)
      rspec-support (~> 3.1.0)
    rspec-support (3.1.2)
    ruby2ruby (2.1.3)
      ruby_parser (~> 3.1)
      sexp_processor (~> 4.0)
    ruby_parser (3.6.4)
      sexp_processor (~> 4.1)
    sequel (4.18.0)
    sexp_processor (4.4.5)
    slop (3.6.0)
    sqlite3 (1.3.10)
    thread_safe (0.3.4)
    transproc (0.1.0)
    tzinfo (1.2.2)
      thread_safe (~> 0.1)
    virtus (1.0.4)
      axiom-types (~> 0.1)
      coercible (~> 1.0)
      descendants_tracker (~> 0.0, >= 0.0.3)
      equalizer (~> 0.0, >= 0.0.9)
    wrong (0.7.1)
      diff-lcs (~> 1.2.5)
      predicated (~> 0.2.6)
      ruby2ruby (>= 2.0.1)
      ruby_parser (>= 3.0.1)
      sexp_processor (>= 4.0)

PLATFORMS
  ruby

DEPENDENCIES
  binding_of_caller (~> 0.7)
  minitest-stub-const (~> 0.3)
  pbkdf2 (~> 0.2.2)!
  pry (~> 0.9)
  rom!
  rom-auth!
  rom-sql!
  rspec (~> 3.0)
  sqlite3 (~> 1.3)
  wrong (~> 0.7)
